GEM
  remote: https://rubygems.org/
  specs:
    sorbet (0.5.9102)
      sorbet-static (= 0.5.9102)
    sorbet-runtime (0.5.9102)
    sorbet-static (0.5.9102-x86_64-linux)

PLATFORMS
  x86_64-linux

DEPENDENCIES
  sorbet
  sorbet-runtime

RUBY VERSION
   ruby 3.0.2p107

BUNDLED WITH
   2.2.22
